GEM
  remote: https://rubygems.org/
  specs:
    daemons (1.3.1)
    rpi_gpio (0.4.0)

PLATFORMS
  ruby

DEPENDENCIES
  daemons (~> 1.3, >= 1.3.1)
  rpi_gpio (~> 0.4.0)

BUNDLED WITH
   2.1.4
