GEM
  remote: https://rubygems.org/
  specs:
    daemons (1.4.1)
    epoll (0.3.0)
    rpi_gpio (0.5.0)
      epoll (~> 0.3)

PLATFORMS
  ruby

DEPENDENCIES
  daemons (~> 1.4.1)
  rpi_gpio (~> 0.5.0)

BUNDLED WITH
   2.1.4
